GIT
  remote: https://github.com/kennethkalmer/daemon-kit.git
  revision: fc314f0377dc7f264792039550584b47c9d31e25
  specs:
    daemon-kit (0.1.8.1)
      eventmachine (>= 0.12.10)

GEM
  remote: http://rubygems.org/
  specs:
    amqp (0.7.0)
      eventmachine (>= 0.12.4)
    eventmachine (0.12.10)
    json (1.5.1)

PLATFORMS
  ruby

DEPENDENCIES
  amqp
  daemon-kit!
  json
